GEM
  remote: https://rubygems.org/
  specs:
    colorize (0.8.1)
    curses (1.4.4)
    msgpack (1.6.0)

PLATFORMS
  x86_64-linux

DEPENDENCIES
  colorize
  curses
  msgpack

RUBY VERSION
   ruby 3.1.3p185

BUNDLED WITH
   2.3.26
