GEM
  remote: https://rubygems.org/
  specs:
    colorize (0.8.1)
    curses (1.4.4)
    msgpack (1.5.1)

PLATFORMS
  x86_64-linux

DEPENDENCIES
  colorize
  curses
  msgpack

BUNDLED WITH
   2.3.5
